NUGET
  remote: http://www.nuget.org/api/v2
    FAKE (4.54)
    FAKE.Dotnet (2.0)
    NuGet.CommandLine (3.5)
    xunit.runner.console (2.2)
  remote: https://nuget.stein-pilz.com/api/v2
    Fria2.FakeBuild (2.2.0)
